GEM
  remote: https://rubygems.org/
  specs:
    addressable (2.8.4)
      public_suffix (>= 2.0.2, < 6.0)
    daemons (1.4.1)
    em-websocket (0.3.8)
      addressable (>= 2.1.1)
      eventmachine (>= 0.12.9)
    eventmachine (1.2.7)
    faraday (2.7.4)
      faraday-net_http (>= 2.0, < 3.1)
      ruby2_keywords (>= 0.0.4)
    faraday-net_http (3.0.2)
    google-protobuf (3.22.3)
    jwt (2.7.0)
    livekit-server-sdk (0.5.3)
      google-protobuf (>= 3.21.0, < 4.0)
      jwt (>= 2.2.3, < 3.0)
      rack (>= 2.2.3, < 3.0)
      twirp (>= 1.10.0, < 2.0)
    mustermann (3.0.0)
      ruby2_keywords (~> 0.0.1)
    nio4r (2.5.9)
    public_suffix (5.0.1)
    puma (6.2.2)
      nio4r (~> 2.0)
    rack (2.2.6.4)
    rack-protection (3.0.6)
      rack
    ruby2_keywords (0.0.5)
    sinatra (3.0.6)
      mustermann (~> 3.0)
      rack (~> 2.2, >= 2.2.4)
      rack-protection (= 3.0.6)
      tilt (~> 2.0)
    sinatra-websocket (0.3.1)
      em-websocket (~> 0.3.6)
      eventmachine
      thin (>= 1.3.1, < 2.0.0)
    thin (1.8.2)
      daemons (~> 1.0, >= 1.0.9)
      eventmachine (~> 1.0, >= 1.0.4)
      rack (>= 1, < 3)
    tilt (2.1.0)
    twirp (1.10.0)
      faraday (< 3)
      google-protobuf (~> 3.0, >= 3.7.0)

PLATFORMS
  ruby

DEPENDENCIES
  livekit-server-sdk
  puma
  sinatra
  sinatra-websocket

BUNDLED WITH
   2.4.12
